GEM
  remote: http://rubygems.org/
  specs:
    liquid (2.4.1)
    rack (1.4.5)
    rack-protection (1.3.2)
      rack
    sinatra (1.3.4)
      rack (~> 1.4)
      rack-protection (~> 1.3)
      tilt (~> 1.3, >= 1.3.3)
    tilt (1.3.3)

PLATFORMS
  ruby

DEPENDENCIES
  liquid (~> 2.4.1)
  rack (~> 1.4.1)
  sinatra (~> 1.3.3)
